GIT
  remote: https://github.com/ThunderKey/mittsu.git
  revision: 7408107d499ee757533cbaa97d91aa08b78fbfa6
  branch: bug-mesh-face-material
  specs:
    mittsu (0.2.1)
      chunky_png (~> 1.3)
      ffi (~> 1.9)
      opengl-bindings (~> 1.5)

PATH
  remote: .
  specs:
    rubys_cube (0.1.0)
      mittsu (~> 0.2)

GEM
  remote: https://rubygems.org/
  specs:
    chunky_png (1.3.8)
    coderay (1.1.1)
    diff-lcs (1.3)
    ffi (1.9.18)
    method_source (0.8.2)
    opengl-bindings (1.6.2)
    pry (0.10.4)
      coderay (~> 1.1.0)
      method_source (~> 0.8.1)
      slop (~> 3.4)
    rake (10.5.0)
    rspec (3.6.0)
      rspec-core (~> 3.6.0)
      rspec-expectations (~> 3.6.0)
      rspec-mocks (~> 3.6.0)
    rspec-core (3.6.0)
      rspec-support (~> 3.6.0)
    rspec-expectations (3.6.0)
      diff-lcs (>= 1.2.0, < 2.0)
      rspec-support (~> 3.6.0)
    rspec-mocks (3.6.0)
      diff-lcs (>= 1.2.0, < 2.0)
      rspec-support (~> 3.6.0)
    rspec-support (3.6.0)
    rspec-wait (0.0.9)
      rspec (>= 3, < 4)
    slop (3.6.0)

PLATFORMS
  ruby

DEPENDENCIES
  bundler (~> 1.15)
  mittsu!
  pry (~> 0.10)
  rake (~> 10.0)
  rspec (~> 3.0)
  rspec-wait (~> 0.0)
  rubys_cube!

BUNDLED WITH
   1.15.0
